GEM
  remote: https://rubygems.org/
  specs:
    rufo (0.12.0)
    thor (1.0.1)

PLATFORMS
  ruby

DEPENDENCIES
  rufo
  thor

BUNDLED WITH
   2.1.4
